GEM
  remote: http://rubygems.org/
  specs:
    abstract (1.0.0)
    actionmailer (3.0.15)
      actionpack (= 3.0.15)
      mail (~> 2.2.19)
    actionpack (3.0.15)
      activemodel (= 3.0.15)
      activesupport (= 3.0.15)
      builder (~> 2.1.2)
      erubis (~> 2.6.6)
      i18n (~> 0.5.0)
      rack (~> 1.2.5)
      rack-mount (~> 0.6.14)
      rack-test (~> 0.5.7)
      tzinfo (~> 0.3.23)
    activemodel (3.0.15)
      activesupport (= 3.0.15)
      builder (~> 2.1.2)
      i18n (~> 0.5.0)
    activerecord (3.0.15)
      activemodel (= 3.0.15)
      activesupport (= 3.0.15)
      arel (~> 2.0.10)
      tzinfo (~> 0.3.23)
    activeresource (3.0.15)
      activemodel (= 3.0.15)
      activesupport (= 3.0.15)
    activesupport (3.0.15)
    addressable (2.2.8)
    arel (2.0.10)
    builder (2.1.2)
    diff-lcs (1.1.3)
    erubis (2.6.6)
      abstract (>= 1.0.0)
    excon (0.15.4)
    haml (3.1.6)
    haml-rails (0.3.4)
      actionpack (~> 3.0)
      activesupport (~> 3.0)
      haml (~> 3.0)
      railties (~> 3.0)
    heroku (2.30.0)
      heroku-api (~> 0.3.1)
      launchy (>= 0.3.2)
      netrc (~> 0.7.5)
      rest-client (~> 1.6.1)
      rubyzip
    heroku-api (0.3.1)
      excon (~> 0.15.4)
    i18n (0.5.0)
    jquery-rails (1.0.19)
      railties (~> 3.0)
      thor (~> 0.14)
    json (1.7.3)
    launchy (2.1.0)
      addressable (~> 2.2.6)
    mail (2.2.19)
      activesupport (>= 2.3.6)
      i18n (>= 0.4.0)
      mime-types (~> 1.16)
      treetop (~> 1.4.8)
    mime-types (1.19)
    netrc (0.7.5)
    pg (0.14.0)
    polyglot (0.3.3)
    rack (1.2.5)
    rack-mount (0.6.14)
      rack (>= 1.0.0)
    rack-test (0.5.7)
      rack (>= 1.0)
    rails (3.0.15)
      actionmailer (= 3.0.15)
      actionpack (= 3.0.15)
      activerecord (= 3.0.15)
      activeresource (= 3.0.15)
      activesupport (= 3.0.15)
      bundler (~> 1.0)
      railties (= 3.0.15)
    railties (3.0.15)
      actionpack (= 3.0.15)
      activesupport (= 3.0.15)
      rake (>= 0.8.7)
      rdoc (~> 3.4)
      thor (~> 0.14.4)
    rake (0.9.2.2)
    rdoc (3.12)
      json (~> 1.4)
    rest-client (1.6.7)
      mime-types (>= 1.16)
    rspec (2.11.0)
      rspec-core (~> 2.11.0)
      rspec-expectations (~> 2.11.0)
      rspec-mocks (~> 2.11.0)
    rspec-core (2.11.1)
    rspec-expectations (2.11.1)
      diff-lcs (~> 1.1.3)
    rspec-mocks (2.11.1)
    rspec-rails (2.11.0)
      actionpack (>= 3.0)
      activesupport (>= 3.0)
      railties (>= 3.0)
      rspec (~> 2.11.0)
    rubyzip (0.9.9)
    sqlite3 (1.3.6)
    thor (0.14.6)
    treetop (1.4.10)
      polyglot
      polyglot (>= 0.3.1)
    tzinfo (0.3.33)

PLATFORMS
  ruby

DEPENDENCIES
  haml-rails
  heroku
  jquery-rails
  pg
  rails (~> 3.0.0)
  rake
  rspec-rails
  sqlite3
